GEM
  remote: https://rubygems.org/
  specs:
    diff-lcs (1.3)
    figaro (1.1.1)
      thor (~> 0.14)
    oauth (0.5.4)
    rspec (3.7.0)
      rspec-core (~> 3.7.0)
      rspec-expectations (~> 3.7.0)
      rspec-mocks (~> 3.7.0)
    rspec-core (3.7.1)
      rspec-support (~> 3.7.0)
    rspec-expectations (3.7.0)
      diff-lcs (>= 1.2.0, < 2.0)
      rspec-support (~> 3.7.0)
    rspec-mocks (3.7.0)
      diff-lcs (>= 1.2.0, < 2.0)
      rspec-support (~> 3.7.0)
    rspec-support (3.7.1)
    thor (0.20.0)

PLATFORMS
  ruby

DEPENDENCIES
  figaro
  oauth
  rspec

RUBY VERSION
   ruby 2.4.1p111

BUNDLED WITH
   1.16.0
